GEM
  remote: https://rubygems.org/
  specs:
    connection_pool (2.4.1)
    faktory_worker_ruby (1.3.0)
      connection_pool (~> 2.2, >= 2.2.2)

PLATFORMS
  aarch64-linux-musl
  arm64-darwin-22
  x86_64-linux

DEPENDENCIES
  faktory_worker_ruby

BUNDLED WITH
   2.3.26
